PATH
  remote: .
  specs:
    avruby (0.5.1)
      intel_hex (~> 0.5.3)
      sorbet-runtime (~> 0.5.3)

GEM
  remote: https://rubygems.org/
  specs:
    ast (2.4.2)
    byebug (11.1.3)
    diff-lcs (1.5.0)
    intel_hex (0.5.5)
    json (2.6.2)
    parallel (1.22.1)
    parser (3.1.2.1)
      ast (~> 2.4.1)
    rainbow (3.1.1)
    regexp_parser (2.5.0)
    rexml (3.2.5)
    rspec (3.11.0)
      rspec-core (~> 3.11.0)
      rspec-expectations (~> 3.11.0)
      rspec-mocks (~> 3.11.0)
    rspec-core (3.11.0)
      rspec-support (~> 3.11.0)
    rspec-expectations (3.11.0)
      diff-lcs (>= 1.2.0, < 2.0)
      rspec-support (~> 3.11.0)
    rspec-mocks (3.11.0)
      diff-lcs (>= 1.2.0, < 2.0)
      rspec-support (~> 3.11.0)
    rspec-support (3.11.0)
    rubocop (1.35.0)
      json (~> 2.3)
      parallel (~> 1.10)
      parser (>= 3.1.2.1)
      rainbow (>= 2.2.2, < 4.0)
      regexp_parser (>= 1.8, < 3.0)
      rexml (>= 3.2.5, < 4.0)
      rubocop-ast (>= 1.20.1, < 2.0)
      ruby-progressbar (~> 1.7)
      unicode-display_width (>= 1.4.0, < 3.0)
    rubocop-ast (1.21.0)
      parser (>= 3.1.1.0)
    rubocop-rspec (2.12.1)
      rubocop (~> 1.31)
    rubocop-shopify (2.9.0)
      rubocop (~> 1.33)
    ruby-progressbar (1.11.0)
    sorbet (0.5.10285)
      sorbet-static (= 0.5.10285)
    sorbet-runtime (0.5.10445)
    sorbet-static (0.5.10285-universal-darwin-14)
    sorbet-static (0.5.10285-universal-darwin-15)
    sorbet-static (0.5.10285-universal-darwin-16)
    sorbet-static (0.5.10285-universal-darwin-17)
    sorbet-static (0.5.10285-universal-darwin-18)
    sorbet-static (0.5.10285-universal-darwin-19)
    sorbet-static (0.5.10285-universal-darwin-20)
    sorbet-static (0.5.10285-universal-darwin-21)
    sorbet-static (0.5.10285-universal-darwin-22)
    sorbet-static (0.5.10285-x86_64-linux)
    unicode-display_width (2.2.0)

PLATFORMS
  ruby

DEPENDENCIES
  avruby!
  byebug
  rspec
  rubocop
  rubocop-rspec
  rubocop-shopify (~> 2.9.0)
  sorbet

BUNDLED WITH
   2.2.22
