PATH
  remote: .
  specs:
    avruby (0.5.1)
      intel_hex (~> 0.6.0)
      sorbet-runtime (~> 0.5.3)

GEM
  remote: https://rubygems.org/
  specs:
    ast (2.4.2)
    byebug (11.1.3)
    diff-lcs (1.5.1)
    intel_hex (0.6.0)
    json (2.7.5)
    language_server-protocol (3.17.0.3)
    parallel (1.26.3)
    parser (3.3.5.1)
      ast (~> 2.4.1)
      racc
    racc (1.8.1)
    rainbow (3.1.1)
    regexp_parser (2.9.2)
    rspec (3.13.0)
      rspec-core (~> 3.13.0)
      rspec-expectations (~> 3.13.0)
      rspec-mocks (~> 3.13.0)
    rspec-core (3.13.2)
      rspec-support (~> 3.13.0)
    rspec-expectations (3.13.3)
      diff-lcs (>= 1.2.0, < 2.0)
      rspec-support (~> 3.13.0)
    rspec-mocks (3.13.2)
      diff-lcs (>= 1.2.0, < 2.0)
      rspec-support (~> 3.13.0)
    rspec-support (3.13.1)
    rubocop (1.68.0)
      json (~> 2.3)
      language_server-protocol (>= 3.17.0)
      parallel (~> 1.10)
      parser (>= 3.3.0.2)
      rainbow (>= 2.2.2, < 4.0)
      regexp_parser (>= 2.4, < 3.0)
      rubocop-ast (>= 1.32.2, < 2.0)
      ruby-progressbar (~> 1.7)
      unicode-display_width (>= 2.4.0, < 3.0)
    rubocop-ast (1.33.0)
      parser (>= 3.3.1.0)
    rubocop-rspec (3.2.0)
      rubocop (~> 1.61)
    rubocop-shopify (2.9.0)
      rubocop (~> 1.33)
    ruby-progressbar (1.13.0)
    sorbet (0.5.11631)
      sorbet-static (= 0.5.11631)
    sorbet-runtime (0.5.11631)
    sorbet-static (0.5.11631-universal-darwin)
    sorbet-static (0.5.11631-x86_64-linux)
    unicode-display_width (2.6.0)

PLATFORMS
  x86_64-darwin-19
  x86_64-darwin-24
  x86_64-linux

DEPENDENCIES
  avruby!
  byebug
  rspec
  rubocop
  rubocop-rspec
  rubocop-shopify (~> 2.9.0)
  sorbet

BUNDLED WITH
   2.5.19
