PATH
  remote: .
  specs:
    avruby (0.5.0)
      intel_hex (~> 0.5.3)
      sorbet-runtime (~> 0.5.3)

GEM
  remote: https://rubygems.org/
  specs:
    ast (2.4.1)
    byebug (11.1.3)
    diff-lcs (1.3)
    intel_hex (0.5.3)
    parallel (1.19.2)
    parser (2.7.2.0)
      ast (~> 2.4.1)
    rainbow (3.0.0)
    regexp_parser (1.8.2)
    rexml (3.2.4)
    rspec (3.9.0)
      rspec-core (~> 3.9.0)
      rspec-expectations (~> 3.9.0)
      rspec-mocks (~> 3.9.0)
    rspec-core (3.9.2)
      rspec-support (~> 3.9.3)
    rspec-expectations (3.9.2)
      diff-lcs (>= 1.2.0, < 2.0)
      rspec-support (~> 3.9.0)
    rspec-mocks (3.9.1)
      diff-lcs (>= 1.2.0, < 2.0)
      rspec-support (~> 3.9.0)
    rspec-support (3.9.3)
    rubocop (1.0.0)
      parallel (~> 1.10)
      parser (>= 2.7.1.5)
      rainbow (>= 2.2.2, < 4.0)
      regexp_parser (>= 1.8)
      rexml
      rubocop-ast (>= 0.6.0)
      ruby-progressbar (~> 1.7)
      unicode-display_width (>= 1.4.0, < 2.0)
    rubocop-ast (1.0.0)
      parser (>= 2.7.1.5)
    ruby-progressbar (1.10.1)
    sorbet (0.5.5994)
      sorbet-static (= 0.5.5994)
    sorbet-runtime (0.5.6130)
    sorbet-static (0.5.5994-universal-darwin-14)
    unicode-display_width (1.7.0)

PLATFORMS
  ruby

DEPENDENCIES
  avruby!
  byebug
  rspec
  rubocop
  sorbet

BUNDLED WITH
   2.1.4
