PATH
  remote: .
  specs:
    avruby (0.5.0)
      intel_hex (~> 0.5.2)

GEM
  remote: https://rubygems.org/
  specs:
    diff-lcs (1.3)
    intel_hex (0.5.2)
    rspec (3.9.0)
      rspec-core (~> 3.9.0)
      rspec-expectations (~> 3.9.0)
      rspec-mocks (~> 3.9.0)
    rspec-core (3.9.2)
      rspec-support (~> 3.9.3)
    rspec-expectations (3.9.2)
      diff-lcs (>= 1.2.0, < 2.0)
      rspec-support (~> 3.9.0)
    rspec-mocks (3.9.1)
      diff-lcs (>= 1.2.0, < 2.0)
      rspec-support (~> 3.9.0)
    rspec-support (3.9.3)

PLATFORMS
  ruby

DEPENDENCIES
  avruby!
  rspec

BUNDLED WITH
   2.1.4
