PATH
  remote: .
  specs:
    avruby (0.5.1)
      intel_hex (~> 0.5.3)
      sorbet-runtime (~> 0.5.3)

GEM
  remote: https://rubygems.org/
  specs:
    ast (2.4.2)
    byebug (11.1.3)
    diff-lcs (1.4.4)
    intel_hex (0.5.5)
    parallel (1.21.0)
    parser (3.0.2.0)
      ast (~> 2.4.1)
    rainbow (3.0.0)
    regexp_parser (2.1.1)
    rexml (3.2.5)
    rspec (3.10.0)
      rspec-core (~> 3.10.0)
      rspec-expectations (~> 3.10.0)
      rspec-mocks (~> 3.10.0)
    rspec-core (3.10.1)
      rspec-support (~> 3.10.0)
    rspec-expectations (3.10.1)
      diff-lcs (>= 1.2.0, < 2.0)
      rspec-support (~> 3.10.0)
    rspec-mocks (3.10.2)
      diff-lcs (>= 1.2.0, < 2.0)
      rspec-support (~> 3.10.0)
    rspec-support (3.10.2)
    rubocop (1.21.0)
      parallel (~> 1.10)
      parser (>= 3.0.0.0)
      rainbow (>= 2.2.2, < 4.0)
      regexp_parser (>= 1.8, < 3.0)
      rexml
      rubocop-ast (>= 1.9.1, < 2.0)
      ruby-progressbar (~> 1.7)
      unicode-display_width (>= 1.4.0, < 3.0)
    rubocop-ast (1.11.0)
      parser (>= 3.0.1.1)
    rubocop-rspec (2.4.0)
      rubocop (~> 1.0)
      rubocop-ast (>= 1.1.0)
    rubocop-shopify (2.2.0)
      rubocop (~> 1.18)
    ruby-progressbar (1.11.0)
    sorbet (0.5.9174)
      sorbet-static (= 0.5.9174)
    sorbet-runtime (0.5.9147)
    sorbet-static (0.5.9174-universal-darwin-14)
    sorbet-static (0.5.9174-universal-darwin-15)
    sorbet-static (0.5.9174-universal-darwin-16)
    sorbet-static (0.5.9174-universal-darwin-17)
    sorbet-static (0.5.9174-universal-darwin-18)
    sorbet-static (0.5.9174-universal-darwin-19)
    sorbet-static (0.5.9174-universal-darwin-20)
    sorbet-static (0.5.9174-universal-darwin-21)
    sorbet-static (0.5.9174-x86_64-linux)
    unicode-display_width (2.0.0)

PLATFORMS
  ruby

DEPENDENCIES
  avruby!
  byebug
  rspec
  rubocop
  rubocop-rspec
  rubocop-shopify
  sorbet

BUNDLED WITH
   2.1.4
