PATH
  remote: .
  specs:
    avruby (0.5.0)
      intel_hex (~> 0.5.1)

GEM
  remote: https://rubygems.org/
  specs:
    diff-lcs (1.3)
    intel_hex (0.5.1)
    rspec (3.8.0)
      rspec-core (~> 3.8.0)
      rspec-expectations (~> 3.8.0)
      rspec-mocks (~> 3.8.0)
    rspec-core (3.8.0)
      rspec-support (~> 3.8.0)
    rspec-expectations (3.8.3)
      diff-lcs (>= 1.2.0, < 2.0)
      rspec-support (~> 3.8.0)
    rspec-mocks (3.8.0)
      diff-lcs (>= 1.2.0, < 2.0)
      rspec-support (~> 3.8.0)
    rspec-support (3.8.0)

PLATFORMS
  ruby

DEPENDENCIES
  avruby!
  rspec

BUNDLED WITH
   2.0.1
